GEM
  remote: https://rubygems.org/
  specs:
    addressable (2.8.0)
      public_suffix (>= 2.0.2, < 5.0)
    asciidoctor (2.0.17)
    builder (3.2.4)
    bump (0.10.0)
    colorator (1.1.0)
    concurrent-ruby (1.1.10)
    date (2.0.3)
    domain_name (0.5.20190701)
      unf (>= 0.0.5, < 1.0.0)
    em-websocket (0.5.3)
      eventmachine (>= 0.12.9)
      http_parser.rb (~> 0)
    eventmachine (1.2.7)
    execjs (2.8.1)
    faraday (2.5.2)
      faraday-net_http (>= 2.0, < 3.1)
      ruby2_keywords (>= 0.0.4)
    faraday-net_http (3.0.0)
    ffi (1.15.5-x64-mingw-ucrt)
    forwardable-extended (2.6.0)
    hashie (5.0.0)
    htmlbeautifier (1.4.2)
    http-accept (1.7.0)
    http-cookie (1.0.5)
      domain_name (~> 0.5)
    http_parser.rb (0.8.0)
    i18n (1.12.0)
      concurrent-ruby (~> 1.0)
    j1-paginator (2021.1.1)
      jekyll (>= 3.6, < 5.0)
    j1-template (2022.5.1)
      bump (~> 0.8)
      colorator (~> 1.0)
      date (~> 2.0)
      jekyll (~> 4.0)
      log4r (~> 1.1, >= 1.1.10)
      mercenary (~> 0.3)
      omniauth (~> 1.0)
      omniauth-oauth2 (~> 1.7)
      pathutil (~> 0.16)
      rack (~> 2.0, >= 2.0.8)
      rack-protection (~> 2.0)
      rack-ssl-enforcer (~> 0.2)
      rest-client (~> 2.0)
      sinatra (~> 2.0)
      warden (~> 1.2)
    jekyll (4.2.2)
      addressable (~> 2.4)
      colorator (~> 1.0)
      em-websocket (~> 0.5)
      i18n (~> 1.0)
      jekyll-sass-converter (~> 2.0)
      jekyll-watch (~> 2.0)
      kramdown (~> 2.3)
      kramdown-parser-gfm (~> 1.0)
      liquid (~> 4.0)
      mercenary (~> 0.4.0)
      pathutil (~> 0.9)
      rouge (~> 3.0)
      safe_yaml (~> 1.0)
      terminal-table (~> 2.0)
    jekyll-asciidoc (3.0.0)
      asciidoctor (>= 1.5.0)
      jekyll (>= 3.0.0)
    jekyll-sass-converter (2.2.0)
      sassc (> 2.0.1, < 3.0)
    jekyll-sitemap (1.4.0)
      jekyll (>= 3.7, < 5.0)
    jekyll-watch (2.2.1)
      listen (~> 3.0)
    json (2.6.2)
    json-minify (0.0.3)
      json (> 0)
    jwt (2.4.1)
    kramdown (2.4.0)
      rexml
    kramdown-parser-gfm (1.1.0)
      kramdown (~> 2.0)
    liquid (4.0.3)
    listen (3.7.1)
      rb-fsevent (~> 0.10, >= 0.10.3)
      rb-inotify (~> 0.9, >= 0.9.10)
    log4r (1.1.10)
    mercenary (0.4.0)
    mime-types (3.4.1)
      mime-types-data (~> 3.2015)
    mime-types-data (3.2022.0105)
    multi_xml (0.6.0)
    mustermann (2.0.2)
      ruby2_keywords (~> 0.0.1)
    netrc (0.11.0)
    nio4r (2.5.8)
    nokogiri (1.13.8-x64-mingw-ucrt)
      racc (~> 1.4)
    nokogiri-pretty (0.1.0)
      nokogiri
    oauth2 (2.0.6)
      faraday (>= 0.17.3, < 3.0)
      jwt (>= 1.0, < 3.0)
      multi_xml (~> 0.5)
      rack (>= 1.2, < 3)
      rash_alt (>= 0.4, < 1)
      version_gem (~> 1.1)
    omniauth (1.9.1)
      hashie (>= 3.4.6)
      rack (>= 1.6.2, < 3)
    omniauth-oauth2 (1.7.3)
      oauth2 (>= 1.4, < 3)
      omniauth (>= 1.9, < 3)
    pathutil (0.16.2)
      forwardable-extended (~> 2.6)
    public_suffix (4.0.7)
    puma (5.6.4)
      nio4r (~> 2.0)
    racc (1.6.0)
    rack (2.2.4)
    rack-protection (2.2.2)
      rack
    rack-ssl-enforcer (0.2.9)
    rash_alt (0.4.12)
      hashie (>= 3.4)
    rb-fsevent (0.11.1)
    rb-inotify (0.10.1)
      ffi (~> 1.0)
    rest-client (2.1.0)
      http-accept (>= 1.7.0, < 2.0)
      http-cookie (>= 1.0.2, < 2.0)
      mime-types (>= 1.16, < 4.0)
      netrc (~> 0.8)
    rexml (3.2.5)
    rouge (3.30.0)
    ruby2_keywords (0.0.5)
    safe_yaml (1.0.5)
    sassc (2.4.0)
      ffi (~> 1.9)
    sinatra (2.2.2)
      mustermann (~> 2.0)
      rack (~> 2.2)
      rack-protection (= 2.2.2)
      tilt (~> 2.0)
    terminal-table (2.0.0)
      unicode-display_width (~> 1.1, >= 1.1.1)
    tilt (2.0.11)
    tzinfo (2.0.5)
      concurrent-ruby (~> 1.0)
    tzinfo-data (1.2022.2)
      tzinfo (>= 1.0.0)
    uglifier (4.2.0)
      execjs (>= 0.3.0, < 3)
    unf (0.1.4)
      unf_ext
    unf_ext (0.0.8.2-x64-mingw-ucrt)
    unicode-display_width (1.8.0)
    version_gem (1.1.0)
    warden (1.2.9)
      rack (>= 2.0.9)
    wdm (0.1.1)
    webrick (1.7.0)

PLATFORMS
  x64-mingw-ucrt

DEPENDENCIES
  asciidoctor (~> 2.0)
  builder (~> 3.2)
  bump (~> 0.10)
  date (~> 2.0)
  execjs (~> 2.7)
  htmlbeautifier (>= 1.2.1)
  j1-paginator (>= 2021.1.1)
  j1-template (~> 2022.5.1)
  jekyll (~> 4.0)
  jekyll-asciidoc (>= 3.0.0)
  jekyll-sitemap (>= 1.2.0)
  json-minify (~> 0.0.3)
  log4r (~> 1.1, >= 1.1.10)
  nokogiri (>= 1.10.3)
  nokogiri-pretty (>= 0.1.0)
  omniauth (~> 1.9)
  omniauth-oauth2 (~> 1.7)
  puma (>= 5.5.2)
  rack (~> 2.2, >= 2.2.3)
  rack-protection (~> 2.0)
  rack-ssl-enforcer (~> 0.2)
  rest-client (~> 2.0)
  rouge (~> 3.3)
  sassc (~> 2.4)
  sinatra (~> 2.0)
  tzinfo (>= 1.2.2)
  tzinfo-data
  uglifier (~> 4.2)
  warden (~> 1.2)
  wdm (>= 0.1.1)
  webrick (~> 1.7)

BUNDLED WITH
   2.3.7
